GIT
  remote: git://github.com/scoop/autotask_api.git
  revision: ddeb7d00e79563f37d34b1b842d5ef62c5f1a345
  specs:
    autotask_api (0.0.5)
      activesupport
      savon (~> 2.0)

GEM
  remote: https://rubygems.org/
  specs:
    activemodel (3.2.12)
      activesupport (= 3.2.12)
      builder (~> 3.0.0)
    activeresource (3.2.12)
      activemodel (= 3.2.12)
      activesupport (= 3.2.12)
    activesupport (3.2.12)
      i18n (~> 0.6)
      multi_json (~> 1.0)
    addressable (2.3.3)
    akami (1.2.0)
      gyoku (>= 0.4.0)
      nokogiri (>= 1.4.0)
    builder (3.0.4)
    faraday (0.8.6)
      multipart-post (~> 1.1)
    faraday_middleware (0.9.0)
      faraday (>= 0.7.4, < 0.9)
    github_api (0.9.3)
      faraday (~> 0.8.1)
      hashie (~> 2.0)
      multi_json (~> 1.4)
      nokogiri (~> 1.5.2)
      oauth2
    gyoku (1.1.0)
      builder (>= 2.1.2)
    hashie (2.0.2)
    highrise (3.0.5)
      activeresource (~> 3.0)
    httpauth (0.2.0)
    httpi (2.1.0)
      rack
      rubyntlm (~> 0.3.2)
    i18n (0.6.4)
    inflection (1.0.0)
    json (1.7.7)
    jwt (0.1.8)
      multi_json (>= 1.5)
    mime-types (1.21)
    multi_json (1.7.7)
    multi_xml (0.5.3)
    multipart-post (1.2.0)
    nokogiri (1.5.10)
    nori (2.3.0)
    oauth (0.4.7)
    oauth2 (0.9.1)
      faraday (~> 0.8)
      httpauth (~> 0.1)
      jwt (~> 0.1.4)
      multi_json (~> 1.0)
      multi_xml (~> 0.5)
      rack (~> 1.2)
    rack (1.5.2)
    rb-appscript (0.6.1)
    rest-client (1.6.7)
      mime-types (>= 1.16)
    ruby-trello (1.0.0)
      activemodel
      addressable (~> 2.3)
      json
      oauth (~> 0.4.5)
      rest-client (~> 1.6.7)
    rubyntlm (0.3.4)
    savon (2.3.0)
      akami (~> 1.2.0)
      builder (>= 2.1.2)
      gyoku (~> 1.1.0)
      httpi (~> 2.1.0)
      nokogiri (>= 1.4.0, < 1.6)
      nori (~> 2.3.0)
      wasabi (~> 3.2.0)
    wasabi (3.2.0)
      httpi (~> 2.0)
      nokogiri (>= 1.4.0, < 1.6)
    zendesk_api (0.3.1)
      faraday (>= 0.8.0)
      faraday_middleware (>= 0.8.7)
      hashie
      inflection
      json
      mime-types
      multipart-post

PLATFORMS
  ruby

DEPENDENCIES
  activesupport
  autotask_api!
  github_api
  highrise (~> 3.0)
  rb-appscript
  ruby-trello
  zendesk_api
